GIT
  remote: https://github.com/ArloL/xcoder.git
  revision: bc87feda59d489518e624102e5062c6767699971
  branch: develop
  specs:
    xcoder (0.1.18)
      aws-sdk
      builder
      colorize
      multi_json
      nokogiri
      plist
      rest-client

GEM
  remote: http://rubygems.org/
  specs:
    aws-sdk (1.11.1)
      json (~> 1.4)
      nokogiri (>= 1.4.4)
      uuidtools (~> 2.1)
    builder (3.2.2)
    colorize (0.6.0)
    json (1.8.1)
    mime-types (2.0)
    mini_portile (0.5.2)
    multi_json (1.8.2)
    nokogiri (1.6.0)
      mini_portile (~> 0.5.0)
    plist (3.1.0)
    rake (10.1.0)
    rest-client (1.6.7)
      mime-types (>= 1.16)
    uuidtools (2.1.4)

PLATFORMS
  ruby

DEPENDENCIES
  rake
  xcoder!
