GEM
  remote: http://rubygems.org/
  specs:
    builder (3.2.0)
    faraday (0.8.6)
      multipart-post (~> 1.1)
    github_api (0.9.2)
      faraday (~> 0.8.1)
      hashie (~> 2.0)
      multi_json (~> 1.4)
      nokogiri (~> 1.5.2)
      oauth2
    hashie (2.0.2)
    httpauth (0.2.0)
    json (1.7.7)
    jwt (0.1.7)
      multi_json (>= 1.5)
    mime-types (1.21)
    multi_json (1.6.1)
    multi_xml (0.5.3)
    multipart-post (1.2.0)
    nokogiri (1.5.6)
    oauth2 (0.9.1)
      faraday (~> 0.8)
      httpauth (~> 0.1)
      jwt (~> 0.1.4)
      multi_json (~> 1.0)
      multi_xml (~> 0.5)
      rack (~> 1.2)
    plist (3.1.0)
    rack (1.5.2)
    rake (10.0.3)
    rest-client (1.6.7)
      mime-types (>= 1.16)
    xcoder (0.1.15)
      builder
      json
      nokogiri
      plist
      rest-client

PLATFORMS
  ruby

DEPENDENCIES
  github_api
  rake
  xcoder
