GEM
  remote: http://rubygems.org/
  specs:
    builder (3.1.4)
    faraday (0.8.4)
      multipart-post (~> 1.1)
    github_api (0.8.0)
      faraday (~> 0.8.1)
      hashie (~> 1.2.0)
      multi_json (~> 1.3)
      nokogiri (~> 1.5.2)
      oauth2
    hashie (1.2.0)
    httpauth (0.2.0)
    json (1.7.5)
    jwt (0.1.5)
      multi_json (>= 1.0)
    mime-types (1.19)
    multi_json (1.3.7)
    multipart-post (1.1.5)
    nokogiri (1.5.5)
    oauth2 (0.8.0)
      faraday (~> 0.8)
      httpauth (~> 0.1)
      jwt (~> 0.1.4)
      multi_json (~> 1.0)
      rack (~> 1.2)
    plist (3.1.0)
    rack (1.4.1)
    rake (0.9.2.2)
    rest-client (1.6.7)
      mime-types (>= 1.16)
    xcoder (0.1.13)
      builder
      json
      nokogiri
      plist
      rest-client

PLATFORMS
  ruby

DEPENDENCIES
  github_api
  rake
  xcoder
